GEM
  remote: https://rubygems.org/
  specs:
    addressable (2.3.2)
    em-hiredis (0.1.1)
      hiredis (~> 0.4.0)
    em-websocket (0.3.8)
      addressable (>= 2.1.1)
      eventmachine (>= 0.12.9)
    eventmachine (1.0.0)
    hiredis (0.4.5)
    sass (3.2.3)

PLATFORMS
  ruby

DEPENDENCIES
  em-hiredis (~> 0.1.1)
  em-websocket (~> 0.3.8)
  eventmachine (~> 1.0.0)
  sass (~> 3.2.3)
